GIT
  remote: git@github.com:adjust/dumbo.git
  revision: ef139ceb1874bb5869902f8280dda2ef7a64c86d
  branch: version-1.0.0
  specs:
    dumbo (1.0.0)
      erubis (~> 2.7)
      pg (~> 0.19)
      thor (~> 0.19)

GEM
  remote: https://rubygems.org/
  specs:
    coderay (1.1.1)
    erubis (2.7.0)
    method_source (0.8.2)
    pg (0.20.0)
    pry (0.10.4)
      coderay (~> 1.1.0)
      method_source (~> 0.8.1)
      slop (~> 3.4)
    slop (3.6.0)
    thor (0.19.4)

PLATFORMS
  ruby

DEPENDENCIES
  dumbo!
  pg
  pry

BUNDLED WITH
   1.14.6
