PATH
  remote: /Users/manu/Projekte/adeven/dumbo
  specs:
    dumbo (0.0.4)
      bundler (~> 1.5)
      erubis
      pg (> 0.17)
      pg_spec
      rake
      thor

GEM
  remote: https://rubygems.org/
  specs:
    coderay (1.1.0)
    erubis (2.7.0)
    method_source (0.8.2)
    minitest (5.8.1)
    pg (0.18.3)
    pg_spec (0.0.1)
      bundler (~> 1.5)
      minitest (~> 5.8.0)
      pg (> 0.17)
      pry
      rake
    pry (0.9.12.6)
      coderay (~> 1.0)
      method_source (~> 0.8)
      slop (~> 3.4)
    rake (10.4.2)
    slop (3.5.0)
    thor (0.19.1)

PLATFORMS
  ruby

DEPENDENCIES
  dumbo!
  pry

BUNDLED WITH
   1.10.6
